PATH
  remote: .
  specs:
    Pulse (0.0.0)

GEM
  remote: https://rubygems.org/
  specs:

PLATFORMS
  x64-mingw32

DEPENDENCIES
  Pulse!

BUNDLED WITH
   2.0.1
